GEM
  remote: http://rubygems.org/
  specs:
    actioncable (5.2.3)
      actionpack (= 5.2.3)
      nio4r (~> 2.0)
      websocket-driver (>= 0.6.1)
    actionmailer (5.2.3)
      actionpack (= 5.2.3)
      actionview (= 5.2.3)
      activejob (= 5.2.3)
      mail (~> 2.5, >= 2.5.4)
      rails-dom-testing (~> 2.0)
    actionpack (5.2.3)
      actionview (= 5.2.3)
      activesupport (= 5.2.3)
      rack (~> 2.0)
      rack-test (>= 0.6.3)
      rails-dom-testing (~> 2.0)
      rails-html-sanitizer (~> 1.0, >= 1.0.2)
    actionpack-action_caching (1.2.0)
      actionpack (>= 4.0.0, < 6)
    actionview (5.2.3)
      activesupport (= 5.2.3)
      builder (~> 3.1)
      erubi (~> 1.4)
      rails-dom-testing (~> 2.0)
      rails-html-sanitizer (~> 1.0, >= 1.0.3)
    active_model_serializers (0.10.9)
      actionpack (>= 4.1, < 6)
      activemodel (>= 4.1, < 6)
      case_transform (>= 0.2)
      jsonapi-renderer (>= 0.1.1.beta1, < 0.3)
    active_record_query_trace (1.6.2)
    activejob (5.2.3)
      activesupport (= 5.2.3)
      globalid (>= 0.3.6)
    activemodel (5.2.3)
      activesupport (= 5.2.3)
    activerecord (5.2.3)
      activemodel (= 5.2.3)
      activesupport (= 5.2.3)
      arel (>= 9.0)
    activestorage (5.2.3)
      actionpack (= 5.2.3)
      activerecord (= 5.2.3)
      marcel (~> 0.3.1)
    activesupport (5.2.3)
      concurrent-ruby (~> 1.0, >= 1.0.2)
      i18n (>= 0.7, < 2)
      minitest (~> 5.1)
      tzinfo (~> 1.1)
    acts-as-taggable-on (6.0.0)
      activerecord (~> 5.0)
    addressable (2.6.0)
      public_suffix (>= 2.0.2, < 4.0)
    airbrussh (1.3.1)
      sshkit (>= 1.6.1, != 1.7.0)
    apipie-rails (0.5.15)
      rails (>= 4.1)
    archive-zip (0.12.0)
      io-like (~> 0.3.0)
    arel (9.0.0)
    ast (2.4.0)
    attr_extras (6.2.1)
    autoprefixer-rails (9.5.1)
      execjs
    bcrypt (3.1.12-x64-mingw32)
    bcrypt (3.1.12-x86-mingw32)
    better_errors (2.5.1)
      coderay (>= 1.0.0)
      erubi (>= 1.0.0)
      rack (>= 0.9.0)
    bindex (0.7.0)
    binding_of_caller (0.8.0)
      debug_inspector (>= 0.0.1)
    bootsnap (1.4.4)
      msgpack (~> 1.0)
    bourbon (5.1.0)
      sass (~> 3.4)
      thor (~> 0.19)
    builder (3.2.3)
    byebug (11.0.1)
    cancancan (3.0.1)
    capistrano (3.11.0)
      airbrussh (>= 1.0.0)
      i18n
      rake (>= 10.0.0)
      sshkit (>= 1.9.0)
    capistrano-bundler (1.5.0)
      capistrano (~> 3.1)
    capistrano-copy-files (0.0.1)
      capistrano (>= 3.0.0)
    capistrano-rails (1.4.0)
      capistrano (~> 3.1)
      capistrano-bundler (~> 1.1)
    capistrano-rbenv (2.1.4)
      capistrano (~> 3.1)
      sshkit (~> 1.3)
    capybara (3.18.0)
      addressable
      mini_mime (>= 0.1.3)
      nokogiri (~> 1.8)
      rack (>= 1.6.0)
      rack-test (>= 0.6.3)
      regexp_parser (~> 1.2)
      xpath (~> 3.2)
    carrierwave (1.3.1)
      activemodel (>= 4.0.0)
      activesupport (>= 4.0.0)
      mime-types (>= 1.16)
    case_transform (0.2)
      activesupport
    childprocess (1.0.1)
      rake (< 13.0)
    chromedriver-helper (2.1.1)
      archive-zip (~> 0.10)
      nokogiri (~> 1.8)
    climate_control (0.2.0)
    clockwork (2.0.3)
      tzinfo
    coderay (1.1.2)
    concurrent-ruby (1.1.5)
    connection_pool (2.2.2)
    cookiejar (0.3.3)
    crass (1.0.4)
    daemons (1.3.1)
    dalli (2.7.10)
    debug_inspector (0.0.3)
    devise (4.6.2)
      bcrypt (~> 3.0)
      orm_adapter (~> 0.1)
      railties (>= 4.1.0, < 6.0)
      responders
      warden (~> 1.2.3)
    devise-doorkeeper (1.1.2)
      devise
      doorkeeper
      rails
    diff-lcs (1.3)
    doorkeeper (5.1.0)
      railties (>= 5)
    dotenv (2.7.2)
    dotenv-rails (2.7.2)
      dotenv (= 2.7.2)
      railties (>= 3.2, < 6.1)
    duktape (2.0.1.0)
    em-http-request (1.1.5)
      addressable (>= 2.3.4)
      cookiejar (!= 0.3.1)
      em-socksify (>= 0.3)
      eventmachine (>= 1.0.3)
      http_parser.rb (>= 0.6.0)
    em-socksify (0.3.2)
      eventmachine (>= 1.0.0.beta.4)
    erubi (1.8.0)
    eventmachine (1.2.7-x64-mingw32)
    eventmachine (1.2.7-x86-mingw32)
    execjs (2.7.0)
    faye (1.2.4)
      cookiejar (>= 0.3.0)
      em-http-request (>= 0.3.0)
      eventmachine (>= 0.12.0)
      faye-websocket (>= 0.9.1)
      multi_json (>= 1.0.0)
      rack (>= 1.0.0)
      websocket-driver (>= 0.5.1)
    faye-websocket (0.10.7)
      eventmachine (>= 0.12.0)
      websocket-driver (>= 0.5.1)
    ffi (1.10.0-x64-mingw32)
    ffi (1.10.0-x86-mingw32)
    file_validators (2.3.0)
      activemodel (>= 3.2)
      mime-types (>= 1.0)
    font-awesome-rails (4.7.0.5)
      railties (>= 3.2, < 6.1)
    font-awesome-sass (5.8.1)
      sassc (>= 1.11)
    formatador (0.2.5)
    friendly_id (5.2.5)
      activerecord (>= 4.0.0)
    globalid (0.4.2)
      activesupport (>= 4.2.0)
    gon (6.2.1)
      actionpack (>= 3.0)
      multi_json
      request_store (>= 1.0)
    guard (1.8.3)
      formatador (>= 0.2.4)
      listen (~> 1.3)
      lumberjack (>= 1.0.2)
      pry (>= 0.9.10)
      thor (>= 0.14.6)
    guard-bundler (1.0.0)
      bundler (~> 1.0)
      guard (~> 1.1)
    guard-i18n-js (1.0.0)
      guard (~> 1.1)
      i18n-js (~> 3.0.0.rc3)
    guard-pow (1.0.0)
      guard (>= 1.1)
    guard-rspec (1.2.2)
      guard (>= 1.1)
    guard-rubocop (0.2.2)
      guard (~> 1.8)
      rubocop (~> 0.10)
    guard-spring (0.0.4)
      guard
      spring
    hashie (3.6.0)
    http_parser.rb (0.6.0)
    i18n (1.6.0)
      concurrent-ruby (~> 1.0)
    i18n-js (3.0.11)
      i18n (>= 0.6.6, < 2)
    io-like (0.3.0)
    jaro_winkler (1.5.2)
    jbuilder (2.8.0)
      activesupport (>= 4.2.0)
      multi_json (>= 1.2)
    jquery-rails (4.3.3)
      rails-dom-testing (>= 1, < 3)
      railties (>= 4.2.0)
      thor (>= 0.14, < 2.0)
    jquery-turbolinks (2.1.0)
      railties (>= 3.1.0)
      turbolinks
    jquery-ui-rails (6.0.1)
      railties (>= 3.2.16)
    jsonapi-renderer (0.2.0)
    launchy (2.4.3)
      addressable (~> 2.3)
    letter_opener (1.7.0)
      launchy (~> 2.2)
    listen (1.3.1)
      rb-fsevent (>= 0.9.3)
      rb-inotify (>= 0.9)
      rb-kqueue (>= 0.2)
    loofah (2.2.3)
      crass (~> 1.0.2)
      nokogiri (>= 1.5.9)
    lumberjack (1.0.13)
    mactag (0.7.2)
    mail (2.7.1)
      mini_mime (>= 0.1.1)
    marcel (0.3.3)
      mimemagic (~> 0.3.2)
    method_source (0.9.2)
    mime-types (3.2.2)
      mime-types-data (~> 3.2015)
    mime-types-data (3.2019.0331)
    mimemagic (0.3.3)
    mini_magick (4.9.3)
    mini_mime (1.0.1)
    mini_portile2 (2.4.0)
    minitest (5.11.3)
    msgpack (1.2.10-x64-mingw32)
    msgpack (1.2.10-x86-mingw32)
    multi_json (1.13.1)
    net-scp (2.0.0)
      net-ssh (>= 2.6.5, < 6.0.0)
    net-ssh (5.2.0)
    nio4r (2.3.1)
    nokogiri (1.10.3-x64-mingw32)
      mini_portile2 (~> 2.4.0)
    nokogiri (1.10.3-x86-mingw32)
      mini_portile2 (~> 2.4.0)
    non-stupid-digest-assets (1.0.9)
      sprockets (>= 2.0)
    omniauth (1.9.0)
      hashie (>= 3.4.6, < 3.7.0)
      rack (>= 1.6.2, < 3)
    open_uri_redirections (0.2.1)
    orm_adapter (0.5.0)
    paperclip (6.1.0)
      activemodel (>= 4.2.0)
      activesupport (>= 4.2.0)
      mime-types
      mimemagic (~> 0.3.0)
      terrapin (~> 0.6.0)
    paperclip-i18n (4.3.0)
    parallel (1.17.0)
    parser (2.6.3.0)
      ast (~> 2.4.0)
    pg (1.1.4-x64-mingw32)
    pg (1.1.4-x86-mingw32)
    pghero (2.2.0)
      activerecord
    pry (0.12.2)
      coderay (~> 1.1.0)
      method_source (~> 0.9.0)
    psych (3.1.0-x64-mingw32)
    psych (3.1.0-x86-mingw32)
    public_suffix (3.0.3)
    puma (3.12.1)
    rack (2.0.7)
    rack-contrib (2.1.0)
      rack (~> 2.0)
    rack-protection (2.0.5)
      rack
    rack-proxy (0.6.5)
      rack
    rack-test (1.1.0)
      rack (>= 1.0, < 3)
    rack-utf8_sanitizer (1.6.0)
      rack (>= 1.0, < 3.0)
    rails (5.2.3)
      actioncable (= 5.2.3)
      actionmailer (= 5.2.3)
      actionpack (= 5.2.3)
      actionview (= 5.2.3)
      activejob (= 5.2.3)
      activemodel (= 5.2.3)
      activerecord (= 5.2.3)
      activestorage (= 5.2.3)
      activesupport (= 5.2.3)
      bundler (>= 1.3.0)
      railties (= 5.2.3)
      sprockets-rails (>= 2.0.0)
    rails-assets-tether (1.4.3)
    rails-dom-testing (2.0.3)
      activesupport (>= 4.2.0)
      nokogiri (>= 1.6)
    rails-html-sanitizer (1.0.4)
      loofah (~> 2.2, >= 2.2.2)
    railties (5.2.3)
      actionpack (= 5.2.3)
      activesupport (= 5.2.3)
      method_source
      rake (>= 0.8.7)
      thor (>= 0.19.0, < 2.0)
    rainbow (3.0.0)
    rake (12.3.2)
    ransack (2.1.1)
      actionpack (>= 5.0)
      activerecord (>= 5.0)
      activesupport (>= 5.0)
      i18n
    rb-fchange (0.0.6)
      ffi
    rb-fsevent (0.10.3)
    rb-inotify (0.10.0)
      ffi (~> 1.0)
    rb-kqueue (0.2.5)
      ffi (>= 0.5.0)
    redis (4.1.0)
    redis-classy (2.4.1)
      redis-namespace (~> 1.0)
    redis-mutex (4.0.1)
      redis-classy (~> 2.0)
    redis-namespace (1.6.0)
      redis (>= 3.0.4)
    regexp_parser (1.4.0)
    request_store (1.4.1)
      rack (>= 1.4)
    responders (2.4.1)
      actionpack (>= 4.2.0, < 6.0)
      railties (>= 4.2.0, < 6.0)
    rspec (3.8.0)
      rspec-core (~> 3.8.0)
      rspec-expectations (~> 3.8.0)
      rspec-mocks (~> 3.8.0)
    rspec-core (3.8.0)
      rspec-support (~> 3.8.0)
    rspec-expectations (3.8.3)
      diff-lcs (>= 1.2.0, < 2.0)
      rspec-support (~> 3.8.0)
    rspec-mocks (3.8.0)
      diff-lcs (>= 1.2.0, < 2.0)
      rspec-support (~> 3.8.0)
    rspec-support (3.8.0)
    rubocop (0.67.2)
      jaro_winkler (~> 1.5.1)
      parallel (~> 1.10)
      parser (>= 2.5, != 2.5.1.1)
      psych (>= 3.1.0)
      rainbow (>= 2.2.2, < 4.0)
      ruby-progressbar (~> 1.7)
      unicode-display_width (>= 1.4.0, < 1.6)
    ruby-progressbar (1.10.0)
    rubyzip (1.2.2)
    sass (3.7.4)
      sass-listen (~> 4.0.0)
    sass-listen (4.0.0)
      rb-fsevent (~> 0.9, >= 0.9.4)
      rb-inotify (~> 0.9, >= 0.9.7)
    sassc (2.0.1)
      ffi (~> 1.9)
      rake
    sassc-rails (2.1.1)
      railties (>= 4.0.0)
      sassc (>= 2.0)
      sprockets (> 3.0)
      sprockets-rails
      tilt
    scout_apm (2.4.24)
    selenium-webdriver (3.142.0)
      childprocess (>= 0.5, < 2.0)
      rubyzip (~> 1.2, >= 1.2.2)
    sidekiq (5.2.7)
      connection_pool (~> 2.2, >= 2.2.2)
      rack (>= 1.5.0)
      rack-protection (>= 1.5.0)
      redis (>= 3.3.5, < 5)
    sidekiq-limit_fetch (3.4.0)
      sidekiq (>= 4)
    sidekiq-unique-jobs (6.0.13)
      concurrent-ruby (~> 1.0, >= 1.0.5)
      sidekiq (>= 4.0, < 7.0)
      thor (~> 0)
    simple_form (4.1.0)
      actionpack (>= 5.0)
      activemodel (>= 5.0)
    slim (4.0.1)
      temple (>= 0.7.6, < 0.9)
      tilt (>= 2.0.6, < 2.1)
    slim-rails (3.2.0)
      actionpack (>= 3.1)
      railties (>= 3.1)
      slim (>= 3.0, < 5.0)
    spring (1.7.2)
    spring-commands-rspec (1.0.4)
      spring (>= 0.9.1)
    spring-watcher-listen (1.0.0)
      listen (~> 1.0)
      spring (~> 1.2)
    sprockets (3.7.2)
      concurrent-ruby (~> 1.0)
      rack (> 1, < 3)
    sprockets-rails (3.2.1)
      actionpack (>= 4.0)
      activesupport (>= 4.0)
      sprockets (>= 3.0.0)
    sshkit (1.18.2)
      net-scp (>= 1.1.2)
      net-ssh (>= 2.8.0)
    state_machine (1.2.0)
    temple (0.8.1)
    terrapin (0.6.0)
      climate_control (>= 0.0.3, < 1.0)
    thin (1.7.2)
      daemons (~> 1.0, >= 1.0.9)
      eventmachine (~> 1.0, >= 1.0.4)
      rack (>= 1, < 3)
    thor (0.20.3)
    thread_safe (0.3.6)
    tilt (2.0.9)
    turbolinks (5.2.0)
      turbolinks-source (~> 5.2)
    turbolinks-source (5.2.0)
    tzinfo (1.2.5)
      thread_safe (~> 0.1)
    tzinfo-data (1.2019.1)
      tzinfo (>= 1.0.0)
    uglifier (4.1.20)
      execjs (>= 0.3.0, < 3)
    unicode-display_width (1.5.0)
    warden (1.2.8)
      rack (>= 2.0.6)
    web-console (3.7.0)
      actionview (>= 5.0)
      activemodel (>= 5.0)
      bindex (>= 0.4.0)
      railties (>= 5.0)
    webpacker (4.0.2)
      activesupport (>= 4.2)
      rack-proxy (>= 0.6.1)
      railties (>= 4.2)
    websocket-driver (0.7.0)
      websocket-extensions (>= 0.1.0)
    websocket-extensions (0.1.3)
    xpath (3.2.0)
      nokogiri (~> 1.8)
    zaru (0.3.0)

PLATFORMS
  x64-mingw32
  x86-mingw32

DEPENDENCIES
  actionpack-action_caching
  active_model_serializers
  active_record_query_trace
  acts-as-taggable-on
  airbrussh
  apipie-rails
  attr_extras
  autoprefixer-rails
  bcrypt
  better_errors
  binding_of_caller
  bootsnap
  bourbon
  byebug
  cancancan
  capistrano
  capistrano-bundler
  capistrano-copy-files
  capistrano-rails
  capistrano-rbenv
  capybara
  carrierwave
  chromedriver-helper
  clockwork
  dalli
  devise
  devise-doorkeeper
  doorkeeper
  dotenv-rails
  duktape
  faye
  file_validators
  font-awesome-rails
  font-awesome-sass
  friendly_id
  gon
  guard
  guard-bundler
  guard-i18n-js
  guard-pow
  guard-rspec
  guard-rubocop
  guard-spring
  i18n
  jbuilder
  jquery-rails
  jquery-turbolinks
  jquery-ui-rails
  letter_opener
  mactag
  mini_magick
  msgpack
  nokogiri
  non-stupid-digest-assets
  omniauth
  open_uri_redirections
  paperclip
  paperclip-i18n
  pg
  pghero
  puma
  rack-contrib
  rack-utf8_sanitizer
  rails
  rails-assets-tether
  ransack
  rb-fchange
  rb-fsevent
  rb-inotify
  redis
  redis-mutex
  redis-namespace
  responders
  rspec
  sassc-rails
  scout_apm
  selenium-webdriver
  sidekiq
  sidekiq-limit_fetch
  sidekiq-unique-jobs
  simple_form
  slim-rails
  spring
  spring-commands-rspec
  spring-watcher-listen
  state_machine
  thin
  turbolinks
  tzinfo-data
  uglifier
  web-console
  webpacker
  zaru

BUNDLED WITH
   1.17.2
